GEM
  specs:
    ansi (1.5.0)
    builder (3.2.2)
    byebug (8.2.2)
    coderay (1.1.1)
    method_source (0.8.2)
    minitest (5.8.4)
    minitest-reporters (1.1.8)
      ansi
      builder
      minitest (>= 5.0)
      ruby-progressbar
    pry (0.10.3)
      coderay (~> 1.1.0)
      method_source (~> 0.8.1)
      slop (~> 3.4)
    pry-byebug (3.3.0)
      byebug (~> 8.0)
      pry (~> 0.10)
    ruby-progressbar (1.7.5)
    slop (3.6.0)

PLATFORMS
  ruby

DEPENDENCIES
  minitest
  minitest-reporters
  pry
  pry-byebug

BUNDLED WITH
   1.11.2
